GEM
  remote: https://rubygems.org/
  specs:
    backports (3.6.7)
    domain_name (0.5.25)
      unf (>= 0.0.5, < 1.0.0)
    ffi (1.9.10-x86-mingw32)
    http-cookie (1.0.2)
      domain_name (~> 0.5)
    json (1.8.2)
    mail (2.6.3)
      mime-types (>= 1.16, < 3)
    mime-types (2.4.3)
    multi_json (1.11.2)
    netrc (0.11.0)
    pony (1.11)
      mail (>= 2.0)
    rack (1.6.0)
    rack-protection (1.5.3)
      rack
    rack-recaptcha (0.6.6)
      json
    rack-test (0.6.3)
      rack (>= 1.0)
    rest-client (1.8.0)
      http-cookie (>= 1.0.2, < 2.0)
      mime-types (>= 1.16, < 3.0)
      netrc (~> 0.7)
    rest-client (1.8.0-x86-mingw32)
      ffi (~> 1.9)
      http-cookie (>= 1.0.2, < 2.0)
      mime-types (>= 1.16, < 3.0)
      netrc (~> 0.7)
    sinatra (1.4.5)
      rack (~> 1.4)
      rack-protection (~> 1.4)
      tilt (~> 1.3, >= 1.3.4)
    sinatra-contrib (1.4.6)
      backports (>= 2.0)
      multi_json
      rack-protection
      rack-test
      sinatra (~> 1.4.0)
      tilt (>= 1.3, < 3)
    sinatra-cross_origin (0.3.2)
    stripe (1.31.0)
      json (~> 1.8.1)
      rest-client (~> 1.4)
    tilt (1.4.1)
    unf (0.1.4)
      unf_ext
    unf_ext (0.0.7.1)
    unf_ext (0.0.7.1-x86-mingw32)

PLATFORMS
  ruby
  x86-mingw32

DEPENDENCIES
  json
  pony
  rack
  rack-recaptcha
  sinatra
  sinatra-contrib
  sinatra-cross_origin (~> 0.3.1)
  stripe

BUNDLED WITH
   1.10.6
